NUGET
  remote: https://www.nuget.org/api/v2
  specs:
    DotLiquid (1.8.0)
    FAKE (4.20.0)
    FSharp.Compiler.Service (2.0.0.5)
    FSharp.Core (4.0.0.1)
    Suave (1.1.1)
      FSharp.Core (>= 3.1.2.5)
    Suave.DotLiquid (1.1.1)
      DotLiquid (>= 1.8.0)
      FSharp.Core (>= 3.1.2.5)
      Suave (>= 1.1.1)
